GEM
  remote: http://rubygems.org/
  specs:
    activesupport (3.2.2)
      i18n (~> 0.6)
      multi_json (~> 1.0)
    i18n (0.6.1)
    json (1.6.5)
    metaclass (0.0.1)
    mocha (0.12.4)
      metaclass (~> 0.0.1)
    multi_json (1.3.6)
    nokogiri (1.5.6.rc2)
    rake (0.9.2.2)
    rdoc (3.12)
      json (~> 1.4)
    simplecov (0.6.4)
      multi_json (~> 1.0)
      simplecov-html (~> 0.5.3)
    simplecov-html (0.5.3)

PLATFORMS
  ruby

DEPENDENCIES
  activesupport
  mocha
  nokogiri (= 1.5.6.rc2)
  rake (>= 0.9.2)
  rdoc (>= 3.12)
  simplecov
